GEM
  remote: https://rubygems.org/
  specs:
    metaclass (0.0.4)
    mini_portile2 (2.0.0)
    mocha (1.1.0)
      metaclass (~> 0.0.1)
    nokogiri (1.6.7.2-x64-mingw32)
      mini_portile2 (~> 2.0.0.rc2)
    power_assert (0.2.7)
    test-unit (3.1.8)
      power_assert

PLATFORMS
  x64-mingw32

DEPENDENCIES
  mocha
  nokogiri
  test-unit (~> 3.1)

BUNDLED WITH
   1.11.2
