PATH
  remote: ../../html-entry
  specs:
    html_entry (0.1.0)

GEM
  remote: https://rubygems.org/
  specs:
    colorize (0.8.1)
    commander (4.4.6)
      highline (~> 1.7.2)
    domain_name (0.5.20180417)
      unf (>= 0.0.5, < 1.0.0)
    highline (1.7.10)
    http-cookie (1.0.3)
      domain_name (~> 0.5)
    mime-types (3.2.2)
      mime-types-data (~> 3.2015)
    mime-types-data (3.2018.0812)
    mini_portile2 (2.3.0)
    mustermann (1.0.3)
    netrc (0.11.0)
    nokogiri (1.8.4)
      mini_portile2 (~> 2.3.0)
    rack (2.0.5)
    rack-protection (2.0.3)
      rack
    rest-client (2.0.2)
      http-cookie (>= 1.0.2, < 2.0)
      mime-types (>= 1.16, < 4.0)
      netrc (~> 0.8)
    ruby-terminfo (0.1.1)
    sinatra (2.0.3)
      mustermann (~> 1.0)
      rack (~> 2.0)
      rack-protection (= 2.0.3)
      tilt (~> 2.0)
    slack-notifier (2.3.2)
    sqlite3 (1.3.13)
    sqlite3-ruby (1.3.3)
      sqlite3 (>= 1.3.3)
    terminal-table (1.8.0)
      unicode-display_width (~> 1.1, >= 1.1.1)
    tilt (2.0.8)
    timedcache (0.4.0)
    unf (0.1.4)
      unf_ext
    unf_ext (0.0.7.5)
    unicode-display_width (1.4.0)
    word_wrap (1.0.0)

PLATFORMS
  ruby

DEPENDENCIES
  colorize
  commander
  highline
  html_entry!
  nokogiri
  rest-client
  ruby-terminfo
  sinatra
  slack-notifier
  sqlite3-ruby
  terminal-table
  timedcache
  word_wrap

BUNDLED WITH
   1.16.4
